GIT
  remote: git://github.com/hiddenbek/spine.mobile-rails.git
  revision: e50cc09386dabc04931df7ed78a4db7971f726c8
  specs:
    spine.mobile-rails (0.0.2)
      rails (>= 3.1.0)
      spine-rails

GEM
  remote: https://rubygems.org/
  specs:
    actionmailer (3.2.3)
      actionpack (= 3.2.3)
      mail (~> 2.4.4)
    actionpack (3.2.3)
      activemodel (= 3.2.3)
      activesupport (= 3.2.3)
      builder (~> 3.0.0)
      erubis (~> 2.7.0)
      journey (~> 1.0.1)
      rack (~> 1.4.0)
      rack-cache (~> 1.2)
      rack-test (~> 0.6.1)
      sprockets (~> 2.1.2)
    activemodel (3.2.3)
      activesupport (= 3.2.3)
      builder (~> 3.0.0)
    activerecord (3.2.3)
      activemodel (= 3.2.3)
      activesupport (= 3.2.3)
      arel (~> 3.0.2)
      tzinfo (~> 0.3.29)
    activeresource (3.2.3)
      activemodel (= 3.2.3)
      activesupport (= 3.2.3)
    activesupport (3.2.3)
      i18n (~> 0.6)
      multi_json (~> 1.0)
    arel (3.0.2)
    authlogic (3.1.0)
      activerecord (>= 3.0.7)
      activerecord (>= 3.0.7)
    builder (3.0.0)
    coffee-rails (3.2.2)
      coffee-script (>= 2.2.0)
      railties (~> 3.2.0)
    coffee-script (2.2.0)
      coffee-script-source
      execjs
    coffee-script-source (1.3.1)
    eco (1.0.0)
      coffee-script
      eco-source
      execjs
    eco-source (1.1.0.rc.1)
    erubis (2.7.0)
    execjs (1.3.0)
      multi_json (~> 1.0)
    hike (1.2.1)
    i18n (0.6.0)
    journey (1.0.3)
    jquery-rails (2.0.2)
      railties (>= 3.2.0, < 5.0)
      thor (~> 0.14)
    json (1.6.6)
    mail (2.4.4)
      i18n (>= 0.4.0)
      mime-types (~> 1.16)
      treetop (~> 1.4.8)
    mime-types (1.18)
    multi_json (1.2.0)
    mysql2 (0.3.11)
    polyglot (0.3.3)
    rack (1.4.1)
    rack-cache (1.2)
      rack (>= 0.4)
    rack-ssl (1.3.2)
      rack
    rack-test (0.6.1)
      rack (>= 1.0)
    rails (3.2.3)
      actionmailer (= 3.2.3)
      actionpack (= 3.2.3)
      activerecord (= 3.2.3)
      activeresource (= 3.2.3)
      activesupport (= 3.2.3)
      bundler (~> 1.0)
      railties (= 3.2.3)
    railties (3.2.3)
      actionpack (= 3.2.3)
      activesupport (= 3.2.3)
      rack-ssl (~> 1.3.2)
      rake (>= 0.8.7)
      rdoc (~> 3.4)
      thor (~> 0.14.6)
    rake (0.9.2.2)
    rdoc (3.12)
      json (~> 1.4)
    sass (3.1.15)
    sass-rails (3.2.5)
      railties (~> 3.2.0)
      sass (>= 3.1.10)
      tilt (~> 1.3)
    spine-rails (0.1.0)
      rails (>= 3.1.0)
    sprockets (2.1.2)
      hike (~> 1.2)
      rack (~> 1.0)
      tilt (~> 1.1, != 1.3.0)
    thor (0.14.6)
    tilt (1.3.3)
    treetop (1.4.10)
      polyglot
      polyglot (>= 0.3.1)
    tzinfo (0.3.33)
    uglifier (1.2.4)
      execjs (>= 0.3.0)
      multi_json (>= 1.0.2)
    will_paginate (3.0.3)

PLATFORMS
  ruby

DEPENDENCIES
  authlogic
  coffee-rails (~> 3.2.1)
  eco
  jquery-rails
  mysql2
  rails (= 3.2.3)
  sass-rails (~> 3.2.3)
  spine-rails
  spine.mobile-rails!
  uglifier (>= 1.0.3)
  will_paginate
